GEM
  remote: https://rubygems.org/
  specs:
    chunky_png (1.4.0)

PLATFORMS
  ruby
  x86_64-linux

DEPENDENCIES
  chunky_png (~> 1.4)

BUNDLED WITH
   2.5.9
