GEM
  remote: https://rubygems.org/
  specs:
    color (1.8)
    pdf-core (0.9.0)
    prawn (2.4.0)
      pdf-core (~> 0.9.0)
      ttfunk (~> 1.7)
    rake (13.1.0)
    ttfunk (1.7.0)

PLATFORMS
  x86_64-linux

DEPENDENCIES
  color (~> 1.8)
  prawn (~> 2.4)
  rake (~> 13.1)

BUNDLED WITH
   2.5.4
